GEM
  remote: https://rubygems.org/
  specs:
    daemon-spawn (0.4.2)

PLATFORMS
  ruby

DEPENDENCIES
  daemon-spawn (~> 0.4.2)

BUNDLED WITH
   1.17.3
